PATH
  remote: .
  specs:
    esinfo (0.1.0)
      rack (~> 2.0)

GEM
  remote: https://rubygems.org/
  specs:
    ast (2.4.2)
    diff-lcs (1.5.0)
    elastic-transport (8.2.1)
      faraday (< 3)
      multi_json
    elasticsearch (8.7.1)
      elastic-transport (~> 8)
      elasticsearch-api (= 8.7.1)
    elasticsearch-api (8.7.1)
      multi_json
    faraday (2.7.4)
      faraday-net_http (>= 2.0, < 3.1)
      ruby2_keywords (>= 0.0.4)
    faraday-net_http (3.0.2)
    multi_json (1.15.0)
    nio4r (2.5.9)
    parallel (1.23.0)
    parser (3.2.2.1)
      ast (~> 2.4.1)
    puma (6.2.2)
      nio4r (~> 2.0)
    rack (2.2.7)
    rainbow (3.1.1)
    rake (10.5.0)
    regexp_parser (2.8.0)
    rexml (3.2.5)
    rspec (3.12.0)
      rspec-core (~> 3.12.0)
      rspec-expectations (~> 3.12.0)
      rspec-mocks (~> 3.12.0)
    rspec-core (3.12.2)
      rspec-support (~> 3.12.0)
    rspec-expectations (3.12.3)
      diff-lcs (>= 1.2.0, < 2.0)
      rspec-support (~> 3.12.0)
    rspec-mocks (3.12.5)
      diff-lcs (>= 1.2.0, < 2.0)
      rspec-support (~> 3.12.0)
    rspec-support (3.12.0)
    rubocop (1.24.0)
      parallel (~> 1.10)
      parser (>= 3.0.0.0)
      rainbow (>= 2.2.2, < 4.0)
      regexp_parser (>= 1.8, < 3.0)
      rexml
      rubocop-ast (>= 1.15.0, < 2.0)
      ruby-progressbar (~> 1.7)
      unicode-display_width (>= 1.4.0, < 3.0)
    rubocop-ast (1.28.1)
      parser (>= 3.2.1.0)
    ruby-progressbar (1.13.0)
    ruby2_keywords (0.0.5)
    unicode-display_width (2.4.2)

PLATFORMS
  x86_64-darwin-21
  x86_64-darwin-22

DEPENDENCIES
  bundler (~> 2.3.3)
  elasticsearch
  esinfo!
  puma
  rake (~> 10.0)
  rspec (~> 3.0)
  rubocop (= 1.24.0)

BUNDLED WITH
   2.3.3
